GEM
  remote: https://rubygems.org/
  specs:
    andand (1.3.3)
    dogstatsd-ruby (1.6.0)
    httparty (0.13.7)
      json (~> 1.8)
      multi_xml (>= 0.5.2)
    json (1.8.3)
    multi_xml (0.5.5)

PLATFORMS
  ruby

DEPENDENCIES
  andand
  dogstatsd-ruby
  httparty

BUNDLED WITH
   1.11.2
